{
	"ECGChannelCount": 0,
	"EEGChannelCount": 124,
	"EEGReference": "Center(Cz)",
	"EMGChannelCount": 0,
	"EOGChannelCount": 0,
	"EpochLength": 93.588,
	"InstitutionAddress": "1 Autumn Street, Boston, MA 02215, USA",
	"InstitutionName": "BCH, Harvard Medical School",
	"InstitutionalDepartmentName": "Nelson Lab",
	"MiscChannelCount": 1,
	"PowerLineFrequency": 50,
	"RecordingDuration": 93.588,
	"SamplingFrequency": 500,
	"SoftwareFilters": "n/a",
	"TaskDescription": "Subjects were watching computer screen savers. Data were filtered with [1 50] band-pass filter",
	"TaskName": "Baseline",
	"TriggerChannelCount": 0
}
